PATH
  remote: .
  specs:
    usecasing_validations (0.5.3)
      usecasing

GEM
  remote: https://rubygems.org/
  specs:
    coderay (1.1.0)
    diff-lcs (1.2.5)
    metaclass (0.0.2)
    method_source (0.8.2)
    mocha (1.0.0)
      metaclass (~> 0.0.1)
    pry (0.9.12.4)
      coderay (~> 1.0)
      method_source (~> 0.8)
      slop (~> 3.4)
    rake (10.1.1)
    rspec (2.14.1)
      rspec-core (~> 2.14.0)
      rspec-expectations (~> 2.14.0)
      rspec-mocks (~> 2.14.0)
    rspec-core (2.14.7)
    rspec-expectations (2.14.4)
      diff-lcs (>= 1.1.3, < 2.0)
    rspec-mocks (2.14.4)
    slop (3.4.7)
    usecasing (0.1.4)

PLATFORMS
  ruby

DEPENDENCIES
  mocha
  pry
  rake
  rspec
  usecasing_validations!
